GIT
  remote: git://github.com/mrDarcyMurphy/framed-scss.git
  revision: 092fc74b363c367428e32fd0b93fc36c75b32171
  specs:
    framed-scss (0.0.4)
      compass (>= 0.12)

GEM
  remote: https://rubygems.org/
  specs:
    chunky_png (1.2.6)
    compass (0.12.2)
      chunky_png (~> 1.2)
      fssm (>= 0.2.7)
      sass (~> 3.1)
    fssm (0.2.9)
    sass (3.2.1)

PLATFORMS
  ruby

DEPENDENCIES
  compass
  framed-scss!
