GIT
  remote: git@github.com:tstmedia/sport_ngin_ui.git
  revision: b96f00405ab16d8c1606064b9e0abdbdb608b7f0
  specs:
    sport_ngin_ui (0.0.1)
      compass
      sass

GEM
  remote: https://rubygems.org/
  specs:
    chunky_png (1.2.6)
    compass (0.12.2)
      chunky_png (~> 1.2)
      fssm (>= 0.2.7)
      sass (~> 3.1)
    fssm (0.2.9)
    sass (3.2.1)

PLATFORMS
  ruby

DEPENDENCIES
  sport_ngin_ui!
